PATH
  remote: .
  specs:
    omniauth-iauth (1.0.0)
      iauth
      omniauth

GEM
  remote: https://rubygems.org/
  specs:
    hashie (3.3.1)
    httparty (0.13.3)
      json (~> 1.8)
      multi_xml (>= 0.5.2)
    iauth (1.0.1)
      httparty
    json (1.8.1)
    multi_xml (0.5.5)
    omniauth (1.2.2)
      hashie (>= 1.2, < 4)
      rack (~> 1.0)
    rack (1.5.2)
    rake (10.3.2)

PLATFORMS
  ruby

DEPENDENCIES
  omniauth-iauth!
  rake
